GEM
  remote: http://rubygems.org/
  specs:
    andand (1.3.1)
    diff-lcs (1.1.2)
    facets (2.8.4)
    fattr (2.1.0)
    git (1.2.5)
    github-markup (0.5.3)
    jeweler (1.5.1)
      bundler (~> 1.0.0)
      git (>= 1.2.5)
      rake
    mharris_ext (1.5.0)
      facets
      fattr
    polyglot (0.3.1)
    rake (0.8.7)
    rcov (0.9.9)
    rdiscount (1.6.5)
    rspec (2.1.0)
      rspec-core (~> 2.1.0)
      rspec-expectations (~> 2.1.0)
      rspec-mocks (~> 2.1.0)
    rspec-core (2.1.0)
    rspec-expectations (2.1.0)
      diff-lcs (~> 1.1.2)
    rspec-mocks (2.1.0)
    to_parsed_obj (0.1.0)
      fattr
      mharris_ext
    treetop (1.4.8)
      polyglot (>= 0.3.1)

PLATFORMS
  ruby
  x86-mingw32

DEPENDENCIES
  andand
  bundler (~> 1.0.0)
  github-markup
  jeweler (~> 1.5.1)
  mharris_ext
  rcov
  rdiscount
  rspec (~> 2.1.0)
  to_parsed_obj
  treetop
